GEM
  remote: http://rubygems.org/
  specs:
    dalli (0.9.2)
    rack (1.2.1)
    sinatra (1.0)
      rack (>= 1.0)

PLATFORMS
  ruby

DEPENDENCIES
  dalli
  sinatra
